PATH
  remote: .
  specs:
    johnny5 (0.0.1)
      nokogiri

GEM
  remote: https://rubygems.org/
  specs:
    nokogiri (1.5.5)

PLATFORMS
  ruby

DEPENDENCIES
  johnny5!
